GEM
  remote: https://rubygems.org/
  specs:
    nexpose (7.2.1)

PLATFORMS
  x64-mingw32

DEPENDENCIES
  nexpose

BUNDLED WITH
   2.0.2
